GEM
  remote: https://rubygems.org/
  specs:
    faraday (0.9.2)
      multipart-post (>= 1.2, < 3)
    multipart-post (2.0.0)
    rack (1.6.4)
    redis (3.2.1)

PLATFORMS
  ruby

DEPENDENCIES
  faraday
  rack
  redis

BUNDLED WITH
   1.10.6
